PATH
  remote: .
  specs:
    goon (0.0.0)

GEM
  remote: http://rubygems.org/
  specs:
    coco (0.6)
    diff-lcs (1.1.3)
    json (1.6.5)
    metaclass (0.0.1)
    mocha (0.10.5)
      metaclass (~> 0.0.1)
    rake (0.9.2.2)
    rdoc (3.12)
      json (~> 1.4)
    rspec (2.8.0)
      rspec-core (~> 2.8.0)
      rspec-expectations (~> 2.8.0)
      rspec-mocks (~> 2.8.0)
    rspec-core (2.8.0)
    rspec-expectations (2.8.0)
      diff-lcs (~> 1.1.2)
    rspec-mocks (2.8.0)

PLATFORMS
  ruby

DEPENDENCIES
  coco (~> 0.6)
  goon!
  mocha (~> 0.10.5)
  rake (~> 0.9.2)
  rdoc (~> 3.8)
  rspec (~> 2.8.0)
